GEM
<<<<<<< HEAD
  remote: https://rubygems.org/
  specs:
    activesupport (4.2.7.1)
=======
  remote: http://rubygems.org/
  specs:
    activesupport (4.2.5)
>>>>>>> b2c892ab83c796e1f79bded181f66123d108d145
      i18n (~> 0.7)
      json (~> 1.7, >= 1.7.7)
      minitest (~> 5.1)
      thread_safe (~> 0.3, >= 0.3.4)
      tzinfo (~> 1.1)
<<<<<<< HEAD
    addressable (2.4.0)
    awesome_print (1.7.0)
    babosa (1.0.2)
    cert (1.4.2)
      fastlane_core (>= 0.50.3, < 1.0.0)
      spaceship (>= 0.32.0, < 1.0.0)
    claide (1.0.0)
    cocoapods (1.0.1)
      activesupport (>= 4.0.2)
      claide (>= 1.0.0, < 2.0)
      cocoapods-core (= 1.0.1)
      cocoapods-deintegrate (>= 1.0.0, < 2.0)
      cocoapods-downloader (>= 1.0.0, < 2.0)
      cocoapods-plugins (>= 1.0.0, < 2.0)
      cocoapods-search (>= 1.0.0, < 2.0)
      cocoapods-stats (>= 1.0.0, < 2.0)
      cocoapods-trunk (>= 1.0.0, < 2.0)
      cocoapods-try (>= 1.0.0, < 2.0)
      colored (~> 1.2)
      escape (~> 0.0.4)
      fourflusher (~> 0.3.0)
      molinillo (~> 0.4.5)
      nap (~> 1.0)
      xcodeproj (>= 1.1.0, < 2.0)
    cocoapods-core (1.0.1)
      activesupport (>= 4.0.2)
      fuzzy_match (~> 2.0.4)
      nap (~> 1.0)
    cocoapods-deintegrate (1.0.1)
    cocoapods-downloader (1.1.1)
    cocoapods-plugins (1.0.0)
      nap
    cocoapods-search (1.0.0)
    cocoapods-stats (1.0.0)
    cocoapods-trunk (1.0.0)
      nap (>= 0.8, < 2.0)
      netrc (= 0.7.8)
    cocoapods-try (1.1.0)
    coderay (1.1.1)
    colored (1.2)
    commander (4.4.0)
      highline (~> 1.7.2)
    credentials_manager (0.16.0)
      colored
      commander (>= 4.3.5)
      highline (>= 1.7.1)
      security
    deliver (1.14.0)
      credentials_manager (>= 0.16.0, < 1.0.0)
      fastimage (~> 1.6)
      fastlane_core (>= 0.52.0, < 1.0.0)
      plist (~> 3.1.0)
      spaceship (>= 0.34.1, < 1.0.0)
    domain_name (0.5.20160826)
      unf (>= 0.0.5, < 1.0.0)
    dotenv (2.1.1)
    escape (0.0.4)
    excon (0.45.4)
=======
    addressable (2.3.8)
    autoparse (0.3.3)
      addressable (>= 2.3.1)
      extlib (>= 0.9.15)
      multi_json (>= 1.0.0)
    awesome_print (1.6.1)
    babosa (1.0.2)
    cert (1.2.7)
      fastlane_core (>= 0.26.4, < 1.0.0)
      spaceship (>= 0.15.1, < 1.0.0)
    claide (0.9.1)
    cocoapods (0.39.0)
      activesupport (>= 4.0.2)
      claide (~> 0.9.1)
      cocoapods-core (= 0.39.0)
      cocoapods-downloader (~> 0.9.3)
      cocoapods-plugins (~> 0.4.2)
      cocoapods-search (~> 0.1.0)
      cocoapods-stats (~> 0.6.2)
      cocoapods-trunk (~> 0.6.4)
      cocoapods-try (~> 0.5.1)
      colored (~> 1.2)
      escape (~> 0.0.4)
      molinillo (~> 0.4.0)
      nap (~> 1.0)
      xcodeproj (~> 0.28.2)
    cocoapods-core (0.39.0)
      activesupport (>= 4.0.2)
      fuzzy_match (~> 2.0.4)
      nap (~> 1.0)
    cocoapods-downloader (0.9.3)
    cocoapods-plugins (0.4.2)
      nap
    cocoapods-search (0.1.0)
    cocoapods-stats (0.6.2)
    cocoapods-trunk (0.6.4)
      nap (>= 0.8, < 2.0)
      netrc (= 0.7.8)
    cocoapods-try (0.5.1)
    coderay (1.1.0)
    colored (1.2)
    commander (4.3.5)
      highline (~> 1.7.2)
    credentials_manager (0.13.0)
      colored
      highline (>= 1.7.1)
      security
    deliver (1.6.5)
      credentials_manager (>= 0.12.0, < 1.0.0)
      fastimage (~> 1.6)
      fastlane_core (>= 0.31.0, < 1.0.0)
      plist (~> 3.1.0)
      spaceship (>= 0.15.0, <= 1.0.0)
    domain_name (0.5.25)
      unf (>= 0.0.5, < 1.0.0)
    dotenv (2.0.2)
    escape (0.0.4)
    excon (0.45.4)
    extlib (0.9.16)
>>>>>>> b2c892ab83c796e1f79bded181f66123d108d145
    faraday (0.9.2)
      multipart-post (>= 1.2, < 3)
    faraday-cookie_jar (0.0.6)
      faraday (>= 0.7.4)
      http-cookie (~> 1.0.0)
    faraday_middleware (0.10.0)
      faraday (>= 0.7.4, < 0.10)
    fastimage (1.6.8)
      addressable (~> 2.3, >= 2.3.5)
<<<<<<< HEAD
    fastlane (1.104.0)
      activesupport (< 5)
      addressable (~> 2.3)
      bundler (~> 1.12)
      cert (>= 1.4.1, < 2.0.0)
      credentials_manager (>= 0.16.0, < 1.0.0)
      deliver (>= 1.13.3, < 2.0.0)
      fastlane_core (>= 0.52.0, < 1.0.0)
      frameit (>= 2.7.0, < 3.0.0)
      gym (>= 1.9.0, < 2.0.0)
      krausefx-shenzhen (>= 0.14.10)
      match (>= 0.8.0, < 1.0.0)
      multipart-post (~> 2.0.0)
      pem (>= 1.3.2, < 2.0.0)
      pilot (>= 1.10.0, < 2.0.0)
      plist (~> 3.1.0)
      produce (>= 1.2.0, < 2.0.0)
      scan (>= 0.13.0, < 2.0.0)
      screengrab (>= 0.5.2, < 1.0.0)
      sigh (>= 1.11.1, < 2.0.0)
      slack-notifier (~> 1.3)
      snapshot (>= 1.16.0, < 2.0.0)
      spaceship (>= 0.33.0, < 1.0.0)
      supply (>= 0.7.1, < 1.0.0)
      terminal-notifier (~> 1.6.2)
      terminal-table (~> 1.4.5)
      word_wrap (~> 1.0.0)
      xcode-install (~> 2.0.0)
      xcodeproj (>= 0.20, < 2.0.0)
      xcpretty (>= 0.2.1)
    fastlane_core (0.52.0)
      babosa
      colored
      commander (>= 4.4.0, <= 5.0.0)
      credentials_manager (>= 0.16.0, < 1.0.0)
      excon (~> 0.45.0)
      gh_inspector (>= 1.0.1, < 2.0.0)
=======
    fastlane (1.48.0)
      addressable (~> 2.3.8)
      cert (>= 1.2.7, < 2.0.0)
      credentials_manager (>= 0.13.0, < 1.0.0)
      deliver (>= 1.6.4, < 2.0.0)
      fastlane_core (>= 0.29.1, < 1.0.0)
      frameit (>= 2.4.1, < 3.0.0)
      gym (>= 1.1.6, < 2.0.0)
      krausefx-shenzhen (>= 0.14.6)
      match (>= 0.1.2, < 1.0.0)
      pem (>= 1.1.0, < 2.0.0)
      pilot (>= 1.1.0, < 2.0.0)
      plist (~> 3.1.0)
      produce (>= 1.1.0, < 2.0.0)
      scan (>= 0.3.2, < 1.0.0)
      sigh (>= 1.2.1, < 2.0.0)
      slack-notifier (~> 1.3)
      snapshot (>= 1.4.2, < 2.0.0)
      spaceship (>= 0.18.0, < 1.0.0)
      supply (>= 0.2.2, < 1.0.0)
      terminal-notifier (~> 1.6.2)
      terminal-table (~> 1.4.5)
      xcode-install (~> 1.0.1)
      xcodeproj (>= 0.20, < 1.0.0)
      xcpretty (>= 0.2.1)
    fastlane_core (0.31.0)
      babosa
      colored
      commander (>= 4.3.5)
      credentials_manager (>= 0.11.0, < 1.0.0)
      excon (~> 0.45.0)
>>>>>>> b2c892ab83c796e1f79bded181f66123d108d145
      highline (>= 1.7.2)
      json
      multi_json
      plist (~> 3.1)
      rubyzip (~> 1.1.6)
<<<<<<< HEAD
      terminal-table (~> 1.4.5)
    fourflusher (0.3.2)
    frameit (2.7.0)
      deliver (> 0.3)
      fastimage (~> 1.6.3)
      fastlane_core (>= 0.36.1, < 1.0.0)
      mini_magick (~> 4.5.1)
    fuzzy_match (2.0.4)
    gh_inspector (1.0.2)
    google-api-client (0.9.15)
      addressable (~> 2.3)
      googleauth (~> 0.5)
      httpclient (~> 2.7)
      hurley (~> 0.1)
      memoist (~> 0.11)
      mime-types (>= 1.6)
      representable (~> 2.3.0)
      retriable (~> 2.0)
    googleauth (0.5.1)
=======
      sentry-raven (~> 0.15)
      terminal-table (~> 1.4.5)
    frameit (2.4.1)
      deliver (> 0.3)
      fastimage (~> 1.6.3)
      fastlane_core (>= 0.16.0, < 1.0.0)
      mini_magick (~> 4.0.2)
    fuzzy_match (2.0.4)
    google-api-client (0.8.6)
      activesupport (>= 3.2)
      addressable (~> 2.3)
      autoparse (~> 0.3)
      extlib (~> 0.9)
      faraday (~> 0.9)
      googleauth (~> 0.3)
      launchy (~> 2.4)
      multi_json (~> 1.10)
      retriable (~> 1.4)
      signet (~> 0.6)
    google_drive (1.0.5)
      google-api-client (>= 0.7.0, < 0.9)
      nokogiri (>= 1.4.4, != 1.5.2, != 1.5.1)
      oauth (>= 0.3.6)
      oauth2 (>= 0.5.0)
    googleauth (0.5.0)
>>>>>>> b2c892ab83c796e1f79bded181f66123d108d145
      faraday (~> 0.9)
      jwt (~> 1.4)
      logging (~> 2.0)
      memoist (~> 0.12)
      multi_json (~> 1.11)
<<<<<<< HEAD
      os (~> 0.9)
      signet (~> 0.7)
    gym (1.10.0)
      fastlane_core (>= 0.52.0, < 1.0.0)
=======
      signet (~> 0.7)
    gym (1.2.0)
      fastlane_core (>= 0.25.0, < 1.0.0)
>>>>>>> b2c892ab83c796e1f79bded181f66123d108d145
      plist
      rubyzip (>= 1.1.7)
      terminal-table
      xcpretty (>= 0.2.1)
    highline (1.7.8)
    http-cookie (1.0.2)
      domain_name (~> 0.5)
<<<<<<< HEAD
    httpclient (2.8.2.4)
    hurley (0.2)
    i18n (0.7.0)
    json (1.8.3)
    jwt (1.5.6)
    krausefx-shenzhen (0.14.10)
      commander (>= 4.3, < 5.0)
=======
    i18n (0.7.0)
    json (1.8.3)
    jwt (1.5.2)
    krausefx-shenzhen (0.14.6)
      commander (~> 4.3)
>>>>>>> b2c892ab83c796e1f79bded181f66123d108d145
      dotenv (>= 0.7)
      faraday (~> 0.9)
      faraday_middleware (~> 0.9)
      highline (>= 1.7.2)
      json (~> 1.8)
      net-sftp (~> 2.1.2)
      plist (~> 3.1.0)
      rubyzip (~> 1.1)
      security (~> 0.1.3)
      terminal-table (~> 1.4.5)
<<<<<<< HEAD
    little-plugger (1.1.4)
    logging (2.1.0)
      little-plugger (~> 1.1)
      multi_json (~> 1.10)
    match (0.8.0)
      cert (>= 1.4.2, < 2.0.0)
      credentials_manager (>= 0.16.0, < 1.0.0)
      fastlane_core (>= 0.52.0, < 1.0.0)
      security
      sigh (>= 1.11.0, < 2.0.0)
      spaceship (>= 0.33.0, < 1.0.0)
    memoist (0.15.0)
    method_source (0.8.2)
    mime-types (3.1)
      mime-types-data (~> 3.2015)
    mime-types-data (3.2016.0521)
    mini_magick (4.5.1)
    minitest (5.9.1)
    molinillo (0.4.5)
    multi_json (1.12.1)
    multi_xml (0.5.5)
    multipart-post (2.0.0)
    nap (1.1.0)
    net-sftp (2.1.2)
      net-ssh (>= 2.6.5)
    net-ssh (3.2.0)
    netrc (0.7.8)
    os (0.9.6)
    pem (1.3.2)
      fastlane_core (>= 0.43.1, < 1.0.0)
      spaceship (>= 0.26.2, < 1.0.0)
    pilot (1.10.0)
      credentials_manager (>= 0.3.0)
      fastlane_core (>= 0.46.2, < 1.0.0)
      spaceship (>= 0.29.0, < 1.0.0)
      terminal-table (~> 1.4.5)
    plist (3.1.0)
    produce (1.2.0)
      fastlane_core (>= 0.30.0, < 1.0.0)
      spaceship (>= 0.31.1, < 1.0.0)
    pry (0.10.4)
      coderay (~> 1.1.0)
      method_source (~> 0.8.1)
      slop (~> 3.4)
    representable (2.3.0)
      uber (~> 0.0.7)
    retriable (2.1.0)
    rouge (1.11.1)
    rubyzip (1.1.7)
    scan (0.13.0)
      fastlane_core (>= 0.52.0, < 1.0.0)
=======
    launchy (2.4.3)
      addressable (~> 2.3)
    little-plugger (1.1.4)
    logging (2.0.0)
      little-plugger (~> 1.1)
      multi_json (~> 1.10)
    match (0.2.2)
      cert (>= 1.2.7, < 2.0.0)
      credentials_manager (>= 0.13.0, < 1.0.0)
      fastlane_core (>= 0.31.0, < 1.0.0)
      security
      sigh (>= 1.2.1, < 2.0.0)
      spaceship (>= 0.18.1, < 1.0.0)
    memoist (0.14.0)
    method_source (0.8.2)
    mini_magick (4.0.4)
    mini_portile2 (2.0.0)
    minitest (5.8.3)
    molinillo (0.4.0)
    multi_json (1.11.2)
    multi_xml (0.5.5)
    multipart-post (2.0.0)
    nap (1.0.0)
    net-sftp (2.1.2)
      net-ssh (>= 2.6.5)
    net-ssh (3.0.1)
    netrc (0.7.8)
    nokogiri (1.6.7.1)
      mini_portile2 (~> 2.0.0.rc2)
    oauth (0.4.7)
    oauth2 (1.0.0)
      faraday (>= 0.8, < 0.10)
      jwt (~> 1.0)
      multi_json (~> 1.3)
      multi_xml (~> 0.5)
      rack (~> 1.2)
    pem (1.1.1)
      fastlane_core (>= 0.30.0, < 1.0.0)
      spaceship (>= 0.18.1, < 1.0.0)
    pilot (1.2.1)
      credentials_manager (>= 0.3.0)
      fastlane_core (>= 0.31.0, < 1.0.0)
      spaceship (>= 0.16.0, < 1.0.0)
      terminal-table (~> 1.4.5)
    plist (3.1.0)
    produce (1.1.1)
      fastlane_core (>= 0.30.0, < 1.0.0)
      spaceship (>= 0.16.0)
    pry (0.10.3)
      coderay (~> 1.1.0)
      method_source (~> 0.8.1)
      slop (~> 3.4)
    rack (1.6.4)
    retriable (1.4.1)
    rouge (1.10.1)
    rubyzip (1.1.7)
    scan (0.3.3)
      fastlane_core (>= 0.26.6, < 1.0.0)
>>>>>>> b2c892ab83c796e1f79bded181f66123d108d145
      slack-notifier (~> 1.3)
      terminal-table
      xcpretty (>= 0.2.1)
      xcpretty-travis-formatter (>= 0.0.3)
<<<<<<< HEAD
    screengrab (0.5.3)
      fastlane_core (>= 0.52.0, < 1.0.0)
    security (0.1.3)
    sigh (1.11.1)
      fastlane_core (>= 0.52.0, < 1.0.0)
      plist (~> 3.1)
      spaceship (>= 0.33.0, < 1.0.0)
    signet (0.7.3)
=======
    security (0.1.3)
    sentry-raven (0.15.2)
      faraday (>= 0.7.6)
    sigh (1.2.1)
      fastlane_core (>= 0.26.4, < 1.0.0)
      plist (~> 3.1)
      spaceship (>= 0.12.3)
    signet (0.7.2)
>>>>>>> b2c892ab83c796e1f79bded181f66123d108d145
      addressable (~> 2.3)
      faraday (~> 0.9)
      jwt (~> 1.5)
      multi_json (~> 1.10)
    slack-notifier (1.5.1)
    slop (3.6.0)
<<<<<<< HEAD
    snapshot (1.16.0)
      fastimage (~> 1.6.3)
      fastlane_core (>= 0.52.0, < 1.0.0)
      plist (~> 3.1.0)
      xcpretty (>= 0.2.1)
    spaceship (0.34.1)
      colored
      credentials_manager (>= 0.16.0)
=======
    snapshot (1.4.2)
      fastimage (~> 1.6.3)
      fastlane_core (>= 0.21.0, < 1.0.0)
      plist (~> 3.1.0)
      xcpretty (>= 0.2.1)
    spaceship (0.18.1)
      colored
      credentials_manager (>= 0.9.0)
>>>>>>> b2c892ab83c796e1f79bded181f66123d108d145
      faraday (~> 0.9)
      faraday-cookie_jar (~> 0.0.6)
      faraday_middleware (~> 0.9)
      fastimage (~> 1.6)
      multi_xml (~> 0.5)
      plist (~> 3.1)
<<<<<<< HEAD
    supply (0.7.1)
      credentials_manager (>= 0.15.0)
      fastlane_core (>= 0.43.4)
      google-api-client (~> 0.9.1)
=======
      pry
    supply (0.2.2)
      credentials_manager (>= 0.10.0)
      fastlane_core (>= 0.19.0)
      google-api-client (~> 0.8.6)
>>>>>>> b2c892ab83c796e1f79bded181f66123d108d145
    terminal-notifier (1.6.3)
    terminal-table (1.4.5)
    thread_safe (0.3.5)
    tzinfo (1.2.2)
      thread_safe (~> 0.1)
<<<<<<< HEAD
    uber (0.0.15)
    unf (0.1.4)
      unf_ext
    unf_ext (0.0.7.2)
    word_wrap (1.0.0)
    xcode-install (2.0.7)
      claide (>= 0.9.1, < 1.1.0)
      spaceship (>= 0.25.1, < 1.0.0)
    xcodeproj (1.3.1)
      activesupport (>= 3)
      claide (>= 1.0.0, < 2.0)
      colored (~> 1.2)
    xcpretty (0.2.2)
=======
    unf (0.1.4)
      unf_ext
    unf_ext (0.0.7.1)
    xcode-install (1.0.1)
      claide (~> 0.9.1)
      spaceship (>= 0.13.0, < 1.0.0)
    xcodeproj (0.28.2)
      activesupport (>= 3)
      claide (~> 0.9.1)
      colored (~> 1.2)
    xcpretty (0.2.1)
>>>>>>> b2c892ab83c796e1f79bded181f66123d108d145
      rouge (~> 1.8)
    xcpretty-travis-formatter (0.0.4)
      xcpretty (~> 0.2, >= 0.0.7)
    xml-simple (1.1.5)

PLATFORMS
  ruby

DEPENDENCIES
  awesome_print
<<<<<<< HEAD
  cocoapods (~> 1.0.0.beta.1)
  fastlane
  google-api-client
  pry
  xml-simple

BUNDLED WITH
   1.13.1
=======
  cocoapods
  fastlane
  google-api-client
  google_drive
  pry
  xml-simple
>>>>>>> b2c892ab83c796e1f79bded181f66123d108d145
